PATH
  remote: .
  specs:
    radbear_mobile (0.0.1)
      koala (~> 2.2.0)
      rabl (~> 0.10.0)

GEM
  remote: https://rubygems.org/
  specs:
    actionmailer (4.1.9)
      actionpack (= 4.1.9)
      actionview (= 4.1.9)
      mail (~> 2.5, >= 2.5.4)
    actionpack (4.1.9)
      actionview (= 4.1.9)
      activesupport (= 4.1.9)
      rack (~> 1.5.2)
      rack-test (~> 0.6.2)
    actionview (4.1.9)
      activesupport (= 4.1.9)
      builder (~> 3.1)
      erubis (~> 2.7.0)
    activemodel (4.1.9)
      activesupport (= 4.1.9)
      builder (~> 3.1)
    activerecord (4.1.9)
      activemodel (= 4.1.9)
      activesupport (= 4.1.9)
      arel (~> 5.0.0)
    activesupport (4.1.9)
      i18n (~> 0.6, >= 0.6.9)
      json (~> 1.7, >= 1.7.7)
      minitest (~> 5.1)
      thread_safe (~> 0.1)
      tzinfo (~> 1.1)
    addressable (2.4.0)
    arel (5.0.1.20140414130214)
    aws-sdk (1.66.0)
      aws-sdk-v1 (= 1.66.0)
    aws-sdk-v1 (1.66.0)
      json (~> 1.4)
      nokogiri (>= 1.4.4)
    bcrypt (3.1.10)
    builder (3.2.2)
    climate_control (0.0.3)
      activesupport (>= 3.0)
    cocaine (0.5.8)
      climate_control (>= 0.0.3, < 1.0)
    concurrent-ruby (1.0.0)
    devise (3.5.3)
      bcrypt (~> 3.0)
      orm_adapter (~> 0.1)
      railties (>= 3.2.6, < 5)
      responders
      thread_safe (~> 0.1)
      warden (~> 1.2.3)
    diff-lcs (1.2.5)
    erubis (2.7.0)
    factory_girl (4.4.0)
      activesupport (>= 3.0.0)
    factory_girl_rails (4.4.1)
      factory_girl (~> 4.4.0)
      railties (>= 3.0.0)
    faker (1.4.3)
      i18n (~> 0.5)
    faraday (0.9.2)
      multipart-post (>= 1.2, < 3)
    i18n (0.7.0)
    json (1.8.2)
    koala (2.2.0)
      addressable
      faraday
      multi_json
    mail (2.6.3)
      mime-types (>= 1.16, < 3)
    mime-types (2.99)
    mimemagic (0.3.0)
    mini_portile2 (2.0.0)
    minitest (5.5.1)
    multi_json (1.11.2)
    multipart-post (2.0.0)
    nokogiri (1.6.7.2)
      mini_portile2 (~> 2.0.0.rc2)
    orm_adapter (0.5.0)
    paperclip (4.3.2)
      activemodel (>= 3.2.0)
      activesupport (>= 3.2.0)
      cocaine (~> 0.5.5)
      mime-types
      mimemagic (= 0.3.0)
    pg (0.17.1)
    rabl (0.10.1)
      activesupport (>= 2.3.14)
    rack (1.5.2)
    rack-test (0.6.3)
      rack (>= 1.0)
    rails (4.1.9)
      actionmailer (= 4.1.9)
      actionpack (= 4.1.9)
      actionview (= 4.1.9)
      activemodel (= 4.1.9)
      activerecord (= 4.1.9)
      activesupport (= 4.1.9)
      bundler (>= 1.3.0, < 2.0)
      railties (= 4.1.9)
      sprockets-rails (~> 2.0)
    railties (4.1.9)
      actionpack (= 4.1.9)
      activesupport (= 4.1.9)
      rake (>= 0.8.7)
      thor (>= 0.18.1, < 2.0)
    rake (10.4.2)
    responders (1.1.2)
      railties (>= 3.2, < 4.2)
    rspec-core (3.1.7)
      rspec-support (~> 3.1.0)
    rspec-expectations (3.1.2)
      diff-lcs (>= 1.2.0, < 2.0)
      rspec-support (~> 3.1.0)
    rspec-mocks (3.1.3)
      rspec-support (~> 3.1.0)
    rspec-rails (3.1.0)
      actionpack (>= 3.0)
      activesupport (>= 3.0)
      railties (>= 3.0)
      rspec-core (~> 3.1.0)
      rspec-expectations (~> 3.1.0)
      rspec-mocks (~> 3.1.0)
      rspec-support (~> 3.1.0)
    rspec-support (3.1.2)
    sprockets (3.5.2)
      concurrent-ruby (~> 1.0)
      rack (> 1, < 3)
    sprockets-rails (2.3.3)
      actionpack (>= 3.0)
      activesupport (>= 3.0)
      sprockets (>= 2.8, < 4.0)
    thor (0.19.1)
    thread_safe (0.3.4)
    tzinfo (1.2.2)
      thread_safe (~> 0.1)
    validates_lengths_from_database (0.2.0)
      activerecord (>= 2.3.2)
    warden (1.2.4)
      rack (>= 1.0)

PLATFORMS
  ruby

DEPENDENCIES
  aws-sdk (~> 1.64)
  devise (~> 3.5.2)
  factory_girl_rails (~> 4.4.1)
  faker (~> 1.4.3)
  paperclip (~> 4.3.0)
  pg (~> 0.17.1)
  radbear_mobile!
  rails (~> 4.1.5)
  rspec-rails (~> 3.1.0)
  validates_lengths_from_database (~> 0.2.0)
